GEM
  remote: https://rubygems.org/
  specs:
    git (1.3.0)
    rack (1.6.0)
    rack-protection (1.5.3)
      rack
    sinatra (1.4.5)
      rack (~> 1.4)
      rack-protection (~> 1.4)
      tilt (~> 1.3, >= 1.3.4)
    slim (3.0.7)
      temple (~> 0.7.6)
      tilt (>= 1.3.3, < 2.1)
    temple (0.7.7)
    tilt (1.4.1)

PLATFORMS
  ruby
  x64-mingw32

DEPENDENCIES
  git
  sinatra (~> 1.4.5)
  slim

BUNDLED WITH
   1.13.6
